GEM
  remote: https://rubygems.org/
  specs:
    colorize (0.7.7)
    highline (1.7.8)
    terminal-table (1.5.2)

PLATFORMS
  ruby

DEPENDENCIES
  colorize (~> 0.7.7)
  highline (~> 1.7, >= 1.7.8)
  terminal-table (~> 1.5, >= 1.5.2)

BUNDLED WITH
   1.11.2
